GIT
  remote: https://github.com/marcoroth/litestack.git
  revision: 1911d5ef35f474425fb4e17a11a7d40deb4008a8
  specs:
    litestack (0.2.6)
      erubi
      hanami-router
      oj
      rack
      sqlite3
      tilt

PATH
  remote: .
  specs:
    type_fusion (0.0.3)
      litestack

GEM
  remote: https://rubygems.org/
  specs:
    ast (2.4.2)
    erubi (1.12.0)
    hanami-router (0.6.2)
      hanami-utils (~> 0.7)
      http_router (~> 0.11)
    hanami-utils (0.9.2)
    http_router (0.11.2)
      rack (>= 1.0.0)
      url_mount (~> 0.2.1)
    json (2.6.3)
    minitest (5.19.0)
    oj (3.15.1)
    parallel (1.23.0)
    parser (3.2.2.3)
      ast (~> 2.4.1)
      racc
    racc (1.7.1)
    rack (3.0.8)
    rainbow (3.1.1)
    rake (13.0.6)
    regexp_parser (2.8.1)
    rexml (3.2.6)
    rubocop (1.48.1)
      json (~> 2.3)
      parallel (~> 1.10)
      parser (>= 3.2.0.0)
      rainbow (>= 2.2.2, < 4.0)
      regexp_parser (>= 1.8, < 3.0)
      rexml (>= 3.2.5, < 4.0)
      rubocop-ast (>= 1.26.0, < 2.0)
      ruby-progressbar (~> 1.7)
      unicode-display_width (>= 2.4.0, < 3.0)
    rubocop-ast (1.29.0)
      parser (>= 3.2.1.0)
    ruby-progressbar (1.13.0)
    sqlite3 (1.6.3-x86_64-darwin)
    sqlite3 (1.6.3-x86_64-linux)
    tilt (2.2.0)
    unicode-display_width (2.4.2)
    url_mount (0.2.1)
      rack

PLATFORMS
  x86_64-darwin-22
  x86_64-linux

DEPENDENCIES
  litestack!
  minitest (~> 5.0)
  rake (~> 13.0)
  rubocop (~> 1.21)
  type_fusion!

BUNDLED WITH
   2.4.6
